STORAGE: NONE
RESTRICTION: == netstandard2.0
NUGET
  remote: https://www.nuget.org/api/v2
    Fable.Core (2.0.3)
      FSharp.Core (>= 4.5.2)
    Fable.Import.Node (0.4.3)
      Fable.Core (>= 1.3.8)
    Fable.Parsimmon (3.2)
      Fable.Core (>= 2.0)
      FSharp.Core (>= 4.5.2)
    FSharp.Core (4.5.4) - redirects: force
GITHUB
  remote: nojaf/fable-jest
    fable/Bindings.fs (60b934633faac4222683a097e73a59dec306543b)
    fable/Exports.fs (60b934633faac4222683a097e73a59dec306543b)
    fable/Matchers.fs (60b934633faac4222683a097e73a59dec306543b)
  remote: psiLearn/fable-import
    VSCode/Fable.Import.VSCode.fs (4fd96a76bc33823b806bbf73f62224439b9cccb5)